GEM
  specs:
    bigdecimal (3.2.2)
    csv (3.3.5)
    dotenv (3.1.8)
    fileutils (1.7.3)
    httparty (0.23.1)
      csv
      mini_mime (>= 1.0.0)
      multi_xml (>= 0.5.2)
    mini_mime (1.1.5)
    multi_xml (0.7.2)
      bigdecimal (~> 3.1)

PLATFORMS
  arm64-darwin-23
  ruby

DEPENDENCIES
  dotenv
  fileutils
  httparty

BUNDLED WITH
   2.6.7
